PATH
  remote: .
  specs:
    otel-honeycomb-ruby (0.0.1)
      libhoney (~> 1.18)
      opentelemetry-api (= 1.0.0.rc2)
      opentelemetry-sdk (= 1.0.0.rc2)

GEM
  remote: https://rubygems.org/
  specs:
    addressable (2.8.0)
      public_suffix (>= 2.0.2, < 5.0)
    docile (1.4.0)
    domain_name (0.5.20190701)
      unf (>= 0.0.5, < 1.0.0)
    excon (0.84.0)
    ffi (1.15.3)
    ffi-compiler (1.0.1)
      ffi (>= 1.0.0)
      rake
    http (4.4.1)
      addressable (~> 2.3)
      http-cookie (~> 1.0)
      http-form_data (~> 2.2)
      http-parser (~> 1.2.0)
    http-cookie (1.0.4)
      domain_name (~> 0.5)
    http-form_data (2.3.0)
    http-parser (1.2.3)
      ffi-compiler (>= 1.0, < 2.0)
    libhoney (1.18.0)
      addressable (~> 2.0)
      excon
      http (>= 2.0, < 5.0)
    minitest (5.14.4)
    opentelemetry-api (1.0.0.rc2)
    opentelemetry-common (0.19.0)
      opentelemetry-api (~> 1.0.0.rc2)
    opentelemetry-instrumentation-base (0.18.1)
      opentelemetry-api (~> 1.0.0.rc2)
    opentelemetry-sdk (1.0.0.rc2)
      opentelemetry-api (~> 1.0.0.rc2)
      opentelemetry-common (~> 0.19.0)
      opentelemetry-instrumentation-base (~> 0.18.1)
    public_suffix (4.0.6)
    rake (12.3.3)
    simplecov (0.21.2)
      docile (~> 1.1)
      simplecov-html (~> 0.11)
      simplecov_json_formatter (~> 0.1)
    simplecov-html (0.12.3)
    simplecov_json_formatter (0.1.3)
    unf (0.1.4)
      unf_ext
    unf_ext (0.0.7.7)

PLATFORMS
  ruby

DEPENDENCIES
  bundler (>= 1.17)
  minitest (~> 5.0)
  otel-honeycomb-ruby!
  rake (~> 12.0)
  simplecov (~> 0.17)

BUNDLED WITH
   2.2.15
