PATH
  remote: .
  specs:
    otel-honeycomb-ruby (0.0.1)
      libhoney (~> 1.16)
      opentelemetry-api (~> 0.4.0)
      opentelemetry-sdk (~> 0.4.0)

GEM
  remote: https://rubygems.org/
  specs:
    addressable (2.7.0)
      public_suffix (>= 2.0.2, < 5.0)
    docile (1.3.2)
    domain_name (0.5.20190701)
      unf (>= 0.0.5, < 1.0.0)
    ffi (1.14.2)
    ffi-compiler (1.0.1)
      ffi (>= 1.0.0)
      rake
    http (4.4.1)
      addressable (~> 2.3)
      http-cookie (~> 1.0)
      http-form_data (~> 2.2)
      http-parser (~> 1.2.0)
    http-cookie (1.0.3)
      domain_name (~> 0.5)
    http-form_data (2.3.0)
    http-parser (1.2.2)
      ffi-compiler
    libhoney (1.16.1)
      addressable (~> 2.0)
      http (>= 2.0, < 5.0)
    minitest (5.14.0)
    opentelemetry-api (0.4.0)
    opentelemetry-sdk (0.4.0)
      opentelemetry-api (~> 0.4.0)
    public_suffix (4.0.6)
    rake (12.3.3)
    simplecov (0.18.5)
      docile (~> 1.1)
      simplecov-html (~> 0.11)
    simplecov-html (0.12.2)
    unf (0.1.4)
      unf_ext
    unf_ext (0.0.7.7)

PLATFORMS
  ruby

DEPENDENCIES
  bundler (>= 1.17)
  minitest (~> 5.0)
  otel-honeycomb-ruby!
  rake (~> 12.0)
  simplecov (~> 0.17)

BUNDLED WITH
   2.1.4
